GEM
  remote: http://rubygems.org/
  specs:
    em-websocket-server (0.15)
      eventmachine (>= 0.12.10)
    eventmachine (0.12.10)

PLATFORMS
  ruby

DEPENDENCIES
  em-websocket-server
